GIT
  remote: git://github.com/ruport/ruport.git
  revision: ae8b701f43c3e196590160e1bc40ca4c26380711
  specs:
    ruport (1.7.0)
      fastercsv
      pdf-writer (= 1.1.8)

GEM
  remote: http://rubygems.org/
  specs:
    color (1.4.1)
    fastercsv (1.5.4)
    hoe (2.16.1)
      rake (~> 0.8)
    pdf-writer (1.1.8)
      color (>= 1.4.0)
      transaction-simple (~> 1.3)
    rake (0.9.2.2)
    transaction-simple (1.4.0)
      hoe (>= 1.1.7)

PLATFORMS
  ruby

DEPENDENCIES
  ruport!
